GEM
  remote: https://rubygems.org/
  specs:
    ansi (1.5.0)
    ast (2.4.0)
    md2key (0.9.3)
      oga (~> 1.2)
      redcarpet (~> 3.3)
      thor (~> 0.19)
    oga (1.3.1)
      ast
      ruby-ll (~> 2.1)
    redcarpet (3.4.0)
    ruby-ll (2.1.2)
      ansi
      ast
    thor (0.20.0)

PLATFORMS
  ruby

DEPENDENCIES
  md2key

BUNDLED WITH
   1.16.0
